GIT
  remote: git://github.com/awestruct/awestruct.git
  revision: 8dbabaa29c7619f19e32dbd9875b922438248c10
  specs:
    awestruct (0.5.0.cr)
      bootstrap-sass (~> 2.3.0.1)
      compass (~> 0.12.1)
      compass-960-plugin (~> 0.10.4)
      git (~> 1.2.5)
      json (~> 1.7.7)
      listen (~> 0.5.0)
      nokogiri (~> 1.5.6)
      rack (~> 1.5.2)
      rest-client (~> 1.6.7)
      ruby-s3cmd (~> 0.1.5)
      tilt (~> 1.3.4)

GEM
  remote: http://rubygems.org/
  specs:
    bootstrap-sass (2.3.0.1)
      sass (~> 3.2)
    chunky_png (1.2.7)
    compass (0.12.2)
      chunky_png (~> 1.2)
      fssm (>= 0.2.7)
      sass (~> 3.1)
    compass-960-plugin (0.10.4)
      compass (>= 0.10.0)
    fssm (0.2.10)
    git (1.2.5)
    haml (3.1.8)
    json (1.7.7)
    libv8 (3.3.10.4)
    listen (0.5.3)
    maruku (0.6.1)
      syntax (>= 1.0.0)
    mime-types (1.21)
    nokogiri (1.5.8)
    rack (1.5.2)
    rake (10.0.3)
    rest-client (1.6.7)
      mime-types (>= 1.16)
    ruby-s3cmd (0.1.5)
    sass (3.2.7)
    syntax (1.0.0)
    therubyracer (0.10.0)
      libv8 (~> 3.3.10)
    therubyrhino (2.0.2)
      therubyrhino_jar (>= 1.7.3)
    therubyrhino_jar (1.7.4)
    tilt (1.3.6)
    yard (0.7.5)

PLATFORMS
  ruby

DEPENDENCIES
  awestruct!
  haml (~> 3.1.8)
  maruku (~> 0.6.1)
  rake (~> 10.0.3)
  therubyracer (= 0.10.0)
  therubyrhino (= 2.0.2)
  yard (~> 0.7.5)
